GEM
  remote: https://rubygems.org/
  specs:
    curb (0.9.11)
    mini_portile2 (2.6.1)
    nokogiri (1.12.5)
      mini_portile2 (~> 2.6.1)
      racc (~> 1.4)
    racc (1.6.0)
    ruby-progressbar (1.11.0)

PLATFORMS
  x86_64-darwin-21

DEPENDENCIES
  curb
  nokogiri
  ruby-progressbar

RUBY VERSION
   ruby 3.1.0p0

BUNDLED WITH
   2.3.3
